GEM
  remote: https://rubygems.org/
  specs:
    addressable (2.4.0)
    fastimage (1.8.1)
      addressable (~> 2.3, >= 2.3.5)

PLATFORMS
  ruby

DEPENDENCIES
  fastimage

BUNDLED WITH
   1.10.6
